PATH
  remote: .
  specs:
    Choose_Your_Adventure (0.1.0)

GEM
  remote: https://rubygems.org/
  specs:
    rake (13.0.1)

PLATFORMS
  x64-mingw32

DEPENDENCIES
  Choose_Your_Adventure!
  rake (~> 13.0)

BUNDLED WITH
   2.3.6
